GEM
  remote: http://rubygems.org/
  specs:
    json (1.6.1)
    mustache (0.99.4)

PLATFORMS
  ruby

DEPENDENCIES
  json
  mustache
